GEM
  remote: https://rubygems.org/
  specs:
    activesupport (4.0.0)
      i18n (~> 0.6, >= 0.6.4)
      minitest (~> 4.2)
      multi_json (~> 1.3)
      thread_safe (~> 0.1)
      tzinfo (~> 0.3.37)
    i18n (0.7.0)
    minitest (4.7.5)
    multi_json (1.12.1)
    rack (1.6.4)
    rake (10.4.2)
    shotgun (0.9.1)
      rack (>= 1.0)
    sqlite3 (1.3.11)
    thread_safe (0.3.5)
    tzinfo (0.3.51)

PLATFORMS
  ruby

DEPENDENCIES
  activesupport
  rake
  shotgun
  sqlite3

BUNDLED WITH
   1.11.2
